GIT
  remote: https://github.com/Roman2K/utils-ruby.git
  revision: 49a138c5c3afd5faec09f6d0a8028de8be991af1
  specs:
    utils-ruby (0.1.0)

GEM
  remote: https://rubygems.org/
  specs:
    mini_portile2 (2.4.0)
    nokogiri (1.10.4)
      mini_portile2 (~> 2.4.0)

PLATFORMS
  ruby

DEPENDENCIES
  nokogiri
  utils-ruby!

BUNDLED WITH
   2.0.2
