GIT
  remote: https://github.com/Roman2K/utils-ruby.git
  revision: e5c94e0564996bd4129ebcb34d84b9c25594cdeb
  specs:
    utils-ruby (0.1.0)

GEM
  remote: https://rubygems.org/
  specs:
    mini_portile2 (2.4.0)
    minitest (5.14.0)
    net_http_unix (0.2.2)
    nokogiri (1.10.4)
      mini_portile2 (~> 2.4.0)

PLATFORMS
  ruby

DEPENDENCIES
  minitest
  net_http_unix
  nokogiri
  utils-ruby!

BUNDLED WITH
   2.0.2
